PATH
  remote: .
  specs:
    s3sync (2.0.2)
      aws-sdk
      cmdparse

GEM
  remote: https://rubygems.org/
  specs:
    aws-sdk (1.31.3)
      json (~> 1.4)
      nokogiri (>= 1.4.4)
      uuidtools (~> 2.1)
    bump (0.5.0)
    cmdparse (2.0.5)
    diff-lcs (1.2.5)
    docile (1.1.1)
    json (1.8.1)
    mini_portile (0.5.2)
    multi_json (1.8.2)
    nokogiri (1.6.1)
      mini_portile (~> 0.5.0)
    rake (10.1.1)
    rspec (2.14.1)
      rspec-core (~> 2.14.0)
      rspec-expectations (~> 2.14.0)
      rspec-mocks (~> 2.14.0)
    rspec-core (2.14.7)
    rspec-expectations (2.14.4)
      diff-lcs (>= 1.1.3, < 2.0)
    rspec-mocks (2.14.4)
    simplecov (0.8.2)
      docile (~> 1.1.0)
      multi_json
      simplecov-html (~> 0.8.0)
    simplecov-html (0.8.0)
    uuidtools (2.1.4)

PLATFORMS
  ruby

DEPENDENCIES
  bump
  bundler (~> 1.3)
  rake
  rspec
  s3sync!
  simplecov
